GIT
  remote: https://github.com/ysv/peatio-core
  revision: 12eabe52efe03c5f88f4601b1cfa4318da174a3c
  branch: feature/plugable-currencies
  specs:
    peatio (0.4.5)
      amqp
      bunny
      clamp
      em-websocket
      eventmachine
      jwt
      mysql2

PATH
  remote: .
  specs:
    peatio-ethereum (0.1.0)

GEM
  remote: https://rubygems.org/
  specs:
    amq-protocol (2.3.0)
    amqp (1.8.0)
      amq-protocol (>= 2.2.0)
      eventmachine
    bunny (2.13.0)
      amq-protocol (~> 2.3, >= 2.3.0)
    byebug (10.0.2)
    clamp (1.3.0)
    coderay (1.1.2)
    diff-lcs (1.3)
    em-websocket (0.5.1)
      eventmachine (>= 0.12.9)
      http_parser.rb (~> 0.6.0)
    eventmachine (1.2.7)
    http_parser.rb (0.6.0)
    jwt (2.1.0)
    method_source (0.9.0)
    mysql2 (0.5.2)
    pry (0.11.3)
      coderay (~> 1.1.0)
      method_source (~> 0.9.0)
    pry-byebug (3.6.0)
      byebug (~> 10.0)
      pry (~> 0.10)
    rake (10.5.0)
    rspec (3.8.0)
      rspec-core (~> 3.8.0)
      rspec-expectations (~> 3.8.0)
      rspec-mocks (~> 3.8.0)
    rspec-core (3.8.0)
      rspec-support (~> 3.8.0)
    rspec-expectations (3.8.2)
      diff-lcs (>= 1.2.0, < 2.0)
      rspec-support (~> 3.8.0)
    rspec-mocks (3.8.0)
      diff-lcs (>= 1.2.0, < 2.0)
      rspec-support (~> 3.8.0)
    rspec-support (3.8.0)

PLATFORMS
  ruby

DEPENDENCIES
  bundler (~> 1.16)
  peatio!
  peatio-ethereum!
  pry-byebug (~> 3.6)
  rake (~> 10.0)
  rspec (~> 3.0)

BUNDLED WITH
   1.16.3
